GIT
  remote: git://github.com/Caged/proj4rb.git
  revision: af9e96a3d2ee116d9a58dc4c667bde3619ac3a4d
  branch: ruby19
  specs:
    proj4rb (0.3.2)

GIT
  remote: http://github.com/jnunemaker/mongomapper.git
  revision: fd59b0ab068be7321f8e84b9dc12fb4fa6b8535d
  branch: rails3
  specs:
    mongo_mapper (0.8.4)
      activemodel (~> 3.0.0)
      activesupport (~> 3.0.0)
      plucky (~> 0.3.6)

GEM
  remote: http://rubygems.org/
  specs:
    aaronh-chronic (0.3.9)
    abstract (1.0.0)
    actionmailer (3.0.0)
      actionpack (= 3.0.0)
      mail (~> 2.2.5)
    actionpack (3.0.0)
      activemodel (= 3.0.0)
      activesupport (= 3.0.0)
      builder (~> 2.1.2)
      erubis (~> 2.6.6)
      i18n (~> 0.4.1)
      rack (~> 1.2.1)
      rack-mount (~> 0.6.12)
      rack-test (~> 0.5.4)
      tzinfo (~> 0.3.23)
    activemodel (3.0.0)
      activesupport (= 3.0.0)
      builder (~> 2.1.2)
      i18n (~> 0.4.1)
    activerecord (3.0.0)
      activemodel (= 3.0.0)
      activesupport (= 3.0.0)
      arel (~> 1.0.0)
      tzinfo (~> 0.3.23)
    activeresource (3.0.0)
      activemodel (= 3.0.0)
      activesupport (= 3.0.0)
    activesupport (3.0.0)
    arel (1.0.1)
      activesupport (~> 3.0.0)
    bson (1.1.1)
    bson_ext (1.1.1)
    builder (2.1.2)
    closure-compiler (0.3.3)
    diff-lcs (1.1.2)
    erubis (2.6.6)
      abstract (>= 1.0.0)
    i18n (0.4.1)
    jammit (0.5.3)
      closure-compiler (>= 0.1.0)
      yui-compressor (>= 0.9.1)
    jquery-rails (0.2.4)
      rails (~> 3.0)
    json (1.4.6)
    mail (2.2.7)
      activesupport (>= 2.3.6)
      mime-types
      treetop (>= 1.4.5)
    mime-types (1.16)
    mongo (1.1.1)
      bson (>= 1.1.1)
    plucky (0.3.6)
      mongo (~> 1.1)
    polyglot (0.3.1)
    rack (1.2.1)
    rack-mount (0.6.13)
      rack (>= 1.0.0)
    rack-test (0.5.6)
      rack (>= 1.0)
    rails (3.0.0)
      actionmailer (= 3.0.0)
      actionpack (= 3.0.0)
      activerecord (= 3.0.0)
      activeresource (= 3.0.0)
      activesupport (= 3.0.0)
      bundler (~> 1.0.0)
      railties (= 3.0.0)
    rails3-generators (0.14.0)
    railties (3.0.0)
      actionpack (= 3.0.0)
      activesupport (= 3.0.0)
      rake (>= 0.8.4)
      thor (~> 0.14.0)
    rake (0.8.7)
    rspec (2.0.0)
      rspec-core (= 2.0.0)
      rspec-expectations (= 2.0.0)
      rspec-mocks (= 2.0.0)
    rspec-core (2.0.0)
    rspec-expectations (2.0.0)
      diff-lcs (>= 1.1.2)
    rspec-mocks (2.0.0)
      rspec-core (= 2.0.0)
      rspec-expectations (= 2.0.0)
    rspec-rails (2.0.1)
      rspec (~> 2.0.0)
    thor (0.14.3)
    treetop (1.4.8)
      polyglot (>= 0.3.1)
    tzinfo (0.3.23)
    whenever (0.6.1)
      aaronh-chronic (>= 0.3.9)
      activesupport (>= 2.3.4)
    yui-compressor (0.9.1)

PLATFORMS
  ruby

DEPENDENCIES
  bson_ext (= 1.1.1)
  closure-compiler
  jammit
  jquery-rails
  json (= 1.4.6)
  mongo_mapper!
  proj4rb!
  rails (= 3.0.0)
  rails3-generators
  rspec (= 2.0.0)
  rspec-rails (= 2.0.1)
  whenever
  yui-compressor
