GIT
  remote: git://github.com/Caged/proj4rb.git
  revision: af9e96a3d2ee116d9a58dc4c667bde3619ac3a4d
  branch: ruby19
  specs:
    proj4rb (0.3.2)

GIT
  remote: https://github.com/indirect/rails3-generators.git
  revision: 4e286902c913067c332fe8bf9c32766786ce1f9c
  specs:
    rails3-generators (0.17.4)
      railties (>= 3.0.0)

GIT
  remote: https://github.com/parrish/mongo_geo.git
  revision: 829b59102ad818a8652d29382a247b7b9cc36ece
  specs:
    mongo_geo (0.2.0)
      mongo_mapper (>= 0.8.2)

GEM
  remote: http://rubygems.org/
  specs:
    aaronh-chronic (0.3.9)
    abstract (1.0.0)
    actionmailer (3.0.5)
      actionpack (= 3.0.5)
      mail (~> 2.2.15)
    actionpack (3.0.5)
      activemodel (= 3.0.5)
      activesupport (= 3.0.5)
      builder (~> 2.1.2)
      erubis (~> 2.6.6)
      i18n (~> 0.4)
      rack (~> 1.2.1)
      rack-mount (~> 0.6.13)
      rack-test (~> 0.5.7)
      tzinfo (~> 0.3.23)
    activemodel (3.0.5)
      activesupport (= 3.0.5)
      builder (~> 2.1.2)
      i18n (~> 0.4)
    activerecord (3.0.5)
      activemodel (= 3.0.5)
      activesupport (= 3.0.5)
      arel (~> 2.0.2)
      tzinfo (~> 0.3.23)
    activeresource (3.0.5)
      activemodel (= 3.0.5)
      activesupport (= 3.0.5)
    activesupport (3.0.5)
    arel (2.0.9)
    awesome_print (0.3.2)
    barista (1.0.0)
      coffee-script (~> 2.1.1)
    bson (1.3.1)
    bson_ext (1.3.1)
    builder (2.1.2)
    closure-compiler (1.0.0)
    coffee-script (2.1.3)
      coffee-script-source
    coffee-script-source (1.0.1)
    diff-lcs (1.1.2)
    erubis (2.6.6)
      abstract (>= 1.0.0)
    factory_girl (1.3.3)
    factory_girl_rails (1.0.1)
      factory_girl (~> 1.3)
      railties (>= 3.0.0)
    i18n (0.5.0)
    jammit (0.6.0)
      closure-compiler (>= 0.1.0)
      yui-compressor (>= 0.9.1)
    jquery-rails (0.2.7)
      rails (~> 3.0)
      thor (~> 0.14.4)
    json (1.4.6)
    mail (2.2.15)
      activesupport (>= 2.3.6)
      i18n (>= 0.4.0)
      mime-types (~> 1.16)
      treetop (~> 1.4.8)
    mime-types (1.16)
    mongo (1.3.1)
      bson (>= 1.3.1)
    mongo_mapper (0.9.1)
      activemodel (~> 3.0)
      activesupport (~> 3.0)
      plucky (~> 0.3.8)
    plucky (0.3.8)
      mongo (~> 1.3)
    polyglot (0.3.1)
    rack (1.2.2)
    rack-mount (0.6.13)
      rack (>= 1.0.0)
    rack-test (0.5.7)
      rack (>= 1.0)
    rails (3.0.5)
      actionmailer (= 3.0.5)
      actionpack (= 3.0.5)
      activerecord (= 3.0.5)
      activeresource (= 3.0.5)
      activesupport (= 3.0.5)
      bundler (~> 1.0)
      railties (= 3.0.5)
    railties (3.0.5)
      actionpack (= 3.0.5)
      activesupport (= 3.0.5)
      rake (>= 0.8.7)
      thor (~> 0.14.4)
    rake (0.8.7)
    rspec (2.4.0)
      rspec-core (~> 2.4.0)
      rspec-expectations (~> 2.4.0)
      rspec-mocks (~> 2.4.0)
    rspec-core (2.4.0)
    rspec-expectations (2.4.0)
      diff-lcs (~> 1.1.2)
    rspec-mocks (2.4.0)
    rspec-rails (2.4.1)
      actionpack (~> 3.0)
      activesupport (~> 3.0)
      railties (~> 3.0)
      rspec (~> 2.4.0)
    thor (0.14.6)
    treetop (1.4.9)
      polyglot (>= 0.3.1)
    tzinfo (0.3.61)
    whenever (0.6.6)
      aaronh-chronic (>= 0.3.9)
      activesupport (>= 2.3.4)
    yui-compressor (0.9.4)

PLATFORMS
  ruby

DEPENDENCIES
  awesome_print
  barista (~> 1.0)
  bson_ext (= 1.3.1)
  closure-compiler
  factory_girl_rails
  jammit
  jquery-rails
  json (= 1.4.6)
  mongo_geo!
  mongo_mapper (= 0.9.1)
  proj4rb!
  rails (= 3.0.5)
  rails3-generators!
  rspec (= 2.4.0)
  rspec-rails (= 2.4.1)
  whenever
  yui-compressor
